GEM
  remote: https://rubygems.org/
  specs:
    activesupport (4.2.6)
      i18n (~> 0.7)
      json (~> 1.7, >= 1.7.7)
      minitest (~> 5.1)
      thread_safe (~> 0.3, >= 0.3.4)
      tzinfo (~> 1.1)
    i18n (0.7.0)
    json (1.8.3)
    minitest (5.8.4)
    rack (1.6.4)
    rack-protection (1.5.3)
      rack
    redcarpet (3.3.2)
    sinatra (1.4.7)
      rack (~> 1.5)
      rack-protection (~> 1.4)
      tilt (>= 1.3, < 3)
    thread_safe (0.3.5)
    tilt (2.0.2)
    trollop (2.1.2)
    tzinfo (1.2.2)
      thread_safe (~> 0.1)
    weaver (0.3.3)
      activesupport
      sinatra
      trollop

PLATFORMS
  ruby

DEPENDENCIES
  redcarpet
  weaver (~> 0.3.2)

BUNDLED WITH
   1.11.2
